GEM
  remote: http://rubygems.org/
  specs:
    coffee-script (2.2.0)
      coffee-script-source
      execjs
    coffee-script-source (1.6.2)
    execjs (1.4.0)
      multi_json (~> 1.0)
    multi_json (1.7.3)
    rack (1.5.2)
    rack-coffee (1.0.0)
      coffee-script
      rack
    rack-protection (1.5.0)
      rack
    sass (3.2.9)
    sinatra (1.4.2)
      rack (~> 1.5, >= 1.5.2)
      rack-protection (~> 1.4)
      tilt (~> 1.3, >= 1.3.4)
    slim (1.3.9)
      temple (~> 0.6.3)
      tilt (~> 1.3, >= 1.3.3)
    temple (0.6.5)
    tilt (1.4.1)
    zurb-foundation (4.1.6)
      sass (>= 3.2.0)

PLATFORMS
  ruby

DEPENDENCIES
  rack
  rack-coffee
  sass
  sinatra
  slim
  zurb-foundation
